GIT
  remote: git://github.com/woto/delayed_job_admin.git
  revision: f34da65d8245fa5f84ad90cb175275d0578d1f68
  specs:
    delayed_job_admin (1.0.3)
      delayed_job
      rails

GIT
  remote: https://github.com/andi/simple-navigation.git
  revision: 1d9b5c5ef6a8e181d2f6f74ed4408bfd9e9c8901
  specs:
    simple-navigation (3.5.0)
      activesupport (>= 2.3.2)

GIT
  remote: https://github.com/plataformatec/simple_form.git
  revision: 5ea7d400146eb217b28fb5b0682c6ce27bf64c8c
  specs:
    simple_form (2.0.0.dev)
      actionpack (~> 3.0)
      activemodel (~> 3.0)

GEM
  remote: http://rubygems.org/
  specs:
    actionmailer (3.1.0)
      actionpack (= 3.1.0)
      mail (~> 2.3.0)
    actionpack (3.1.0)
      activemodel (= 3.1.0)
      activesupport (= 3.1.0)
      builder (~> 3.0.0)
      erubis (~> 2.7.0)
      i18n (~> 0.6)
      rack (~> 1.3.2)
      rack-cache (~> 1.0.3)
      rack-mount (~> 0.8.2)
      rack-test (~> 0.6.1)
      sprockets (~> 2.0.0)
    activemodel (3.1.0)
      activesupport (= 3.1.0)
      bcrypt-ruby (~> 3.0.0)
      builder (~> 3.0.0)
      i18n (~> 0.6)
    activerecord (3.1.0)
      activemodel (= 3.1.0)
      activesupport (= 3.1.0)
      arel (~> 2.2.1)
      tzinfo (~> 0.3.29)
    activeresource (3.1.0)
      activemodel (= 3.1.0)
      activesupport (= 3.1.0)
    activesupport (3.1.0)
      multi_json (~> 1.0)
    arel (2.2.1)
    bcrypt-ruby (3.0.1)
    builder (3.0.0)
    carrierwave (0.5.7)
      activesupport (~> 3.0)
    chronic (0.6.4)
    chunky_png (1.2.5)
    coffee-rails (3.1.1)
      coffee-script (>= 2.2.0)
      railties (~> 3.1.0)
    coffee-script (2.2.0)
      coffee-script-source
      execjs
    coffee-script-source (1.1.2)
    columnize (0.3.4)
    compass (0.12.alpha.0)
      chunky_png (~> 1.2)
      fssm (>= 0.2.7)
      sass (~> 3.1)
    daemons (1.1.4)
    dalli (1.1.2)
    date_validator (0.6.2)
      activemodel (>= 3.0.0, < 3.2.0)
    delayed_job (2.1.4)
      activesupport (~> 3.0)
      daemons
    erubis (2.7.0)
    execjs (1.2.9)
      multi_json (~> 1.0)
    fastercsv (1.5.4)
    formtastic (2.0.1)
      rails (~> 3.0)
    fssm (0.2.7)
    haml (3.1.3)
    hike (1.2.1)
    hpricot (0.8.4)
    i18n (0.6.0)
    jquery-rails (1.0.14)
      railties (~> 3.0)
      thor (~> 0.14)
    json (1.6.1)
    libv8 (3.3.10.2)
    linecache (0.46)
      rbx-require-relative (> 0.0.4)
    mail (2.3.0)
      i18n (>= 0.4.0)
      mime-types (~> 1.16)
      treetop (~> 1.4.8)
    mechanize (2.0.1)
      net-http-digest_auth (~> 1.1, >= 1.1.1)
      net-http-persistent (~> 1.8)
      nokogiri (~> 1.4)
      webrobots (~> 0.0, >= 0.0.9)
    mime-types (1.16)
    multi_json (1.0.3)
    mysql2 (0.3.7)
    net-http-digest_auth (1.1.1)
    net-http-persistent (1.9)
    nokogiri (1.5.0)
    polyglot (0.3.2)
    rack (1.3.4)
    rack-cache (1.0.3)
      rack (>= 0.4)
    rack-mount (0.8.3)
      rack (>= 1.0.0)
    rack-ssl (1.3.2)
      rack
    rack-test (0.6.1)
      rack (>= 1.0)
    rails (3.1.0)
      actionmailer (= 3.1.0)
      actionpack (= 3.1.0)
      activerecord (= 3.1.0)
      activeresource (= 3.1.0)
      activesupport (= 3.1.0)
      bundler (~> 1.0)
      railties (= 3.1.0)
    rails-i18n (0.1.9)
      i18n (~> 0.5)
    railties (3.1.0)
      actionpack (= 3.1.0)
      activesupport (= 3.1.0)
      rack-ssl (~> 1.3.2)
      rake (>= 0.8.7)
      rdoc (~> 3.4)
      thor (~> 0.14.6)
    rake (0.9.2)
    rbx-require-relative (0.0.5)
    rdoc (3.9.4)
    ruby-debug (0.10.4)
      columnize (>= 0.1)
      ruby-debug-base (~> 0.10.4.0)
    ruby-debug-base (0.10.4)
      linecache (>= 0.3)
    ruby_parser (2.3.1)
      sexp_processor (~> 3.0)
    sass (3.1.8)
    sass-rails (3.1.4)
      actionpack (~> 3.1.0)
      railties (~> 3.1.0)
      sass (>= 3.1.4)
      sprockets (~> 2.0.0)
      tilt (~> 1.3.2)
    sexp_processor (3.0.7)
    sprockets (2.0.1)
      hike (~> 1.2)
      rack (~> 1.0)
      tilt (~> 1.1, != 1.3.0)
    therubyracer (0.9.4)
      libv8 (~> 3.3.10)
    thor (0.14.6)
    tilt (1.3.3)
    treetop (1.4.10)
      polyglot
      polyglot (>= 0.3.1)
    tzinfo (0.3.30)
    uglifier (1.0.3)
      execjs (>= 0.3.0)
      multi_json (>= 1.0.2)
    webrobots (0.0.12)
      nokogiri (>= 1.4.4)
    whenever (0.7.0)
      activesupport (>= 2.3.4)
      chronic (~> 0.6.3)
    will_paginate (3.0.2)

PLATFORMS
  ruby

DEPENDENCIES
  carrierwave
  coffee-rails (~> 3.1.0)
  compass (~> 0.12.alpha)
  daemons
  dalli
  date_validator
  delayed_job
  delayed_job_admin!
  fastercsv
  formtastic
  haml
  hpricot
  jquery-rails
  json
  mechanize
  mysql2
  rails (= 3.1.0)
  rails-i18n
  ruby-debug
  ruby_parser
  sass-rails (~> 3.1.0)
  simple-navigation!
  simple_form!
  therubyracer
  uglifier
  whenever
  will_paginate (~> 3.0)
